GEM
  remote: http://rubygems.org/
  specs:
    backports (2.7.1)
    daemons (1.1.9)
    eventmachine (1.0.0)
    json (1.7.5)
    nokogiri (1.5.6)
    pg (0.14.1)
    rack (1.5.0)
    rack-protection (1.3.2)
      rack
    rack-test (0.6.2)
      rack (>= 1.0)
    sinatra (1.3.3)
      rack (~> 1.3, >= 1.3.6)
      rack-protection (~> 1.2)
      tilt (~> 1.3, >= 1.3.3)
    sinatra-contrib (1.3.2)
      backports (>= 2.0)
      eventmachine
      rack-protection
      rack-test
      sinatra (~> 1.3.0)
      tilt (~> 1.3)
    sinatra-reloader (1.0)
      sinatra-contrib
    thin (1.5.0)
      daemons (>= 1.0.9)
      eventmachine (>= 0.12.6)
      rack (>= 1.0.0)
    tilt (1.3.3)
    will_paginate (3.0.4)
    will_paginate-bootstrap (0.2.2)
      will_paginate (>= 3.0.3)

PLATFORMS
  ruby

DEPENDENCIES
  json (= 1.7.5)
  nokogiri (= 1.5.6)
  pg (= 0.14.1)
  sinatra (= 1.3.3)
  sinatra-reloader (= 1.0)
  thin
  will_paginate (= 3.0.4)
  will_paginate-bootstrap (= 0.2.2)
