GEM
  remote: http://rubygems.org/
  specs:
    activesupport (3.1.10)
      multi_json (>= 1.0, < 1.3)
    backports (2.7.1)
    builder (3.0.4)
    curb (0.7.18)
    daemons (1.1.9)
    eventmachine (1.0.0)
    feedzirra (0.1.3)
      activesupport (~> 3.1.1)
      builder (>= 2.1.2)
      curb (~> 0.7.15)
      i18n (>= 0.5.0)
      loofah (~> 1.2.0)
      nokogiri (>= 1.4.4)
      rake (>= 0.8.7)
      rdoc (~> 3.8)
      sax-machine (~> 0.1.0)
    i18n (0.6.1)
    json (1.7.5)
    loofah (1.2.1)
      nokogiri (>= 1.4.4)
    multi_json (1.2.0)
    nokogiri (1.5.6)
    pg (0.14.1)
    rack (1.5.0)
    rack-protection (1.3.2)
      rack
    rack-test (0.6.2)
      rack (>= 1.0)
    rake (10.0.2)
    rdoc (3.12)
      json (~> 1.4)
    sax-machine (0.1.0)
      nokogiri (> 0.0.0)
    sinatra (1.3.3)
      rack (~> 1.3, >= 1.3.6)
      rack-protection (~> 1.2)
      tilt (~> 1.3, >= 1.3.3)
    sinatra-contrib (1.3.2)
      backports (>= 2.0)
      eventmachine
      rack-protection
      rack-test
      sinatra (~> 1.3.0)
      tilt (~> 1.3)
    sinatra-reloader (1.0)
      sinatra-contrib
    thin (1.5.0)
      daemons (>= 1.0.9)
      eventmachine (>= 0.12.6)
      rack (>= 1.0.0)
    tilt (1.3.3)
    will_paginate (3.0.4)
    will_paginate-bootstrap (0.2.2)
      will_paginate (>= 3.0.3)

PLATFORMS
  ruby

DEPENDENCIES
  feedzirra
  json (= 1.7.5)
  nokogiri (= 1.5.6)
  pg (= 0.14.1)
  sinatra (= 1.3.3)
  sinatra-reloader (= 1.0)
  thin
  will_paginate (= 3.0.4)
  will_paginate-bootstrap (= 0.2.2)
